PATH
  remote: .
  specs:
    banorte_payworks (0.9.4)
      faraday
      httpclient (>= 2.3.3)

GEM
  remote: https://rubygems.org/
  specs:
    diff-lcs (1.3)
    faraday (0.11.0)
      multipart-post (>= 1.2, < 3)
    httpclient (2.8.3)
    multipart-post (2.0.0)
    rake (12.0.0)
    rspec (3.5.0)
      rspec-core (~> 3.5.0)
      rspec-expectations (~> 3.5.0)
      rspec-mocks (~> 3.5.0)
    rspec-core (3.5.4)
      rspec-support (~> 3.5.0)
    rspec-expectations (3.5.0)
      diff-lcs (>= 1.2.0, < 2.0)
      rspec-support (~> 3.5.0)
    rspec-mocks (3.5.0)
      diff-lcs (>= 1.2.0, < 2.0)
      rspec-support (~> 3.5.0)
    rspec-support (3.5.0)

PLATFORMS
  ruby

DEPENDENCIES
  banorte_payworks!
  bundler (~> 1.3)
  rake
  rspec

BUNDLED WITH
   1.14.2
